GIT
  remote: https://github.com/ruby/net-pop.git
  revision: e8d0afe2773b9eb6a23c39e9e437f6fc0fc7c733
  specs:
    net-pop (0.1.2)

GEM
  remote: https://rubygems.org/
  specs:
    actioncable (7.1.3.4)
      actionpack (= 7.1.3.4)
      activesupport (= 7.1.3.4)
      nio4r (~> 2.0)
      websocket-driver (>= 0.6.1)
      zeitwerk (~> 2.6)
    actionmailbox (7.1.3.4)
      actionpack (= 7.1.3.4)
      activejob (= 7.1.3.4)
      activerecord (= 7.1.3.4)
      activestorage (= 7.1.3.4)
      activesupport (= 7.1.3.4)
      mail (>= 2.7.1)
      net-imap
      net-pop
      net-smtp
    actionmailer (7.1.3.4)
      actionpack (= 7.1.3.4)
      actionview (= 7.1.3.4)
      activejob (= 7.1.3.4)
      activesupport (= 7.1.3.4)
      mail (~> 2.5, >= 2.5.4)
      net-imap
      net-pop
      net-smtp
      rails-dom-testing (~> 2.2)
    actionpack (7.1.3.4)
      actionview (= 7.1.3.4)
      activesupport (= 7.1.3.4)
      nokogiri (>= 1.8.5)
      racc
      rack (>= 2.2.4)
      rack-session (>= 1.0.1)
      rack-test (>= 0.6.3)
      rails-dom-testing (~> 2.2)
      rails-html-sanitizer (~> 1.6)
    actiontext (7.1.3.4)
      actionpack (= 7.1.3.4)
      activerecord (= 7.1.3.4)
      activestorage (= 7.1.3.4)
      activesupport (= 7.1.3.4)
      globalid (>= 0.6.0)
      nokogiri (>= 1.8.5)
    actionview (7.1.3.4)
      activesupport (= 7.1.3.4)
      builder (~> 3.1)
      erubi (~> 1.11)
      rails-dom-testing (~> 2.2)
      rails-html-sanitizer (~> 1.6)
    activejob (7.1.3.4)
      activesupport (= 7.1.3.4)
      globalid (>= 0.3.6)
    activemodel (7.1.3.4)
      activesupport (= 7.1.3.4)
    activerecord (7.1.3.4)
      activemodel (= 7.1.3.4)
      activesupport (= 7.1.3.4)
      timeout (>= 0.4.0)
    activestorage (7.1.3.4)
      actionpack (= 7.1.3.4)
      activejob (= 7.1.3.4)
      activerecord (= 7.1.3.4)
      activesupport (= 7.1.3.4)
      marcel (~> 1.0)
    activesupport (7.1.3.4)
      base64
      bigdecimal
      concurrent-ruby (~> 1.0, >= 1.0.2)
      connection_pool (>= 2.2.5)
      drb
      i18n (>= 1.6, < 2)
      minitest (>= 5.1)
      mutex_m
      tzinfo (~> 2.0)
    addressable (2.8.7)
      public_suffix (>= 2.0.2, < 7.0)
    annotate (3.2.0)
      activerecord (>= 3.2, < 8.0)
      rake (>= 10.4, < 14.0)
    base64 (0.2.0)
    bcrypt (3.1.20)
    bigdecimal (3.1.8)
    bootsnap (1.18.3)
      msgpack (~> 1.2)
    builder (3.3.0)
    concurrent-ruby (1.3.3)
    connection_pool (2.4.1)
    crack (1.0.0)
      bigdecimal
      rexml
    crass (1.0.6)
    csv (3.3.0)
    database_cleaner-active_record (2.2.0)
      activerecord (>= 5.a)
      database_cleaner-core (~> 2.0.0)
    database_cleaner-core (2.0.1)
    date (3.3.4)
    debug (1.9.2)
      irb (~> 1.10)
      reline (>= 0.3.8)
    devise (4.9.4)
      bcrypt (~> 3.0)
      orm_adapter (~> 0.1)
      railties (>= 4.1.0)
      responders
      warden (~> 1.2.3)
    devise-jwt (0.11.0)
      devise (~> 4.0)
      warden-jwt_auth (~> 0.8)
    diff-lcs (1.5.1)
    drb (2.2.1)
    dry-auto_inject (1.0.1)
      dry-core (~> 1.0)
      zeitwerk (~> 2.6)
    dry-configurable (1.1.0)
      dry-core (~> 1.0, < 2)
      zeitwerk (~> 2.6)
    dry-core (1.0.1)
      concurrent-ruby (~> 1.0)
      zeitwerk (~> 2.6)
    error_highlight (0.6.0)
    erubi (1.13.0)
    et-orbi (1.2.11)
      tzinfo
    factory_bot (6.4.6)
      activesupport (>= 5.0.0)
    factory_bot_rails (6.4.3)
      factory_bot (~> 6.4)
      railties (>= 5.0.0)
    fugit (1.11.0)
      et-orbi (~> 1, >= 1.2.11)
      raabro (~> 1.4)
    globalid (1.2.1)
      activesupport (>= 6.1)
    graphql (2.3.7)
      base64
    hashdiff (1.1.0)
    httparty (0.22.0)
      csv
      mini_mime (>= 1.0.0)
      multi_xml (>= 0.5.2)
    i18n (1.14.5)
      concurrent-ruby (~> 1.0)
    io-console (0.7.2)
    irb (1.13.2)
      rdoc (>= 4.0.0)
      reline (>= 0.4.2)
    jwt (2.8.2)
      base64
    logger (1.6.0)
    loofah (2.22.0)
      crass (~> 1.0.2)
      nokogiri (>= 1.12.0)
    mail (2.8.1)
      mini_mime (>= 0.1.1)
      net-imap
      net-pop
      net-smtp
    marcel (1.0.4)
    mini_mime (1.1.5)
    minitest (5.24.1)
    msgpack (1.7.2)
    multi_xml (0.7.1)
      bigdecimal (~> 3.1)
    mutex_m (0.2.0)
    net-imap (0.4.14)
      date
      net-protocol
    net-protocol (0.2.2)
      timeout
    net-smtp (0.5.0)
      net-protocol
    nio4r (2.7.3)
    nokogiri (1.16.6-x86_64-darwin)
      racc (~> 1.4)
    nokogiri (1.16.6-x86_64-linux)
      racc (~> 1.4)
    orm_adapter (0.5.0)
    pg (1.5.6)
    psych (5.1.2)
      stringio
    public_suffix (6.0.0)
    puma (6.4.2)
      nio4r (~> 2.0)
    raabro (1.4.0)
    racc (1.8.0)
    rack (3.1.6)
    rack-cors (2.0.2)
      rack (>= 2.0.0)
    rack-session (2.0.0)
      rack (>= 3.0.0)
    rack-test (2.1.0)
      rack (>= 1.3)
    rackup (2.1.0)
      rack (>= 3)
      webrick (~> 1.8)
    rails (7.1.3.4)
      actioncable (= 7.1.3.4)
      actionmailbox (= 7.1.3.4)
      actionmailer (= 7.1.3.4)
      actionpack (= 7.1.3.4)
      actiontext (= 7.1.3.4)
      actionview (= 7.1.3.4)
      activejob (= 7.1.3.4)
      activemodel (= 7.1.3.4)
      activerecord (= 7.1.3.4)
      activestorage (= 7.1.3.4)
      activesupport (= 7.1.3.4)
      bundler (>= 1.15.0)
      railties (= 7.1.3.4)
    rails-dom-testing (2.2.0)
      activesupport (>= 5.0.0)
      minitest
      nokogiri (>= 1.6)
    rails-html-sanitizer (1.6.0)
      loofah (~> 2.21)
      nokogiri (~> 1.14)
    railties (7.1.3.4)
      actionpack (= 7.1.3.4)
      activesupport (= 7.1.3.4)
      irb
      rackup (>= 1.0.0)
      rake (>= 12.2)
      thor (~> 1.0, >= 1.2.2)
      zeitwerk (~> 2.6)
    rake (13.2.1)
    rdoc (6.7.0)
      psych (>= 4.0.0)
    redis-client (0.22.2)
      connection_pool
    reline (0.5.9)
      io-console (~> 0.5)
    responders (3.1.1)
      actionpack (>= 5.2)
      railties (>= 5.2)
    rexml (3.3.2)
      strscan
    rspec-core (3.13.0)
      rspec-support (~> 3.13.0)
    rspec-expectations (3.13.1)
      diff-lcs (>= 1.2.0, < 2.0)
      rspec-support (~> 3.13.0)
    rspec-mocks (3.13.1)
      diff-lcs (>= 1.2.0, < 2.0)
      rspec-support (~> 3.13.0)
    rspec-rails (6.1.3)
      actionpack (>= 6.1)
      activesupport (>= 6.1)
      railties (>= 6.1)
      rspec-core (~> 3.13)
      rspec-expectations (~> 3.13)
      rspec-mocks (~> 3.13)
      rspec-support (~> 3.13)
    rspec-support (3.13.1)
    shoulda-matchers (6.2.0)
      activesupport (>= 5.2.0)
    sidekiq (7.3.0)
      concurrent-ruby (< 2)
      connection_pool (>= 2.3.0)
      logger
      rack (>= 2.2.4)
      redis-client (>= 0.22.2)
    sidekiq-cron (1.12.0)
      fugit (~> 1.8)
      globalid (>= 1.0.1)
      sidekiq (>= 6)
    stringio (3.1.1)
    strscan (3.1.0)
    thor (1.3.1)
    timeout (0.4.1)
    tzinfo (2.0.6)
      concurrent-ruby (~> 1.0)
    warden (1.2.9)
      rack (>= 2.0.9)
    warden-jwt_auth (0.9.0)
      dry-auto_inject (>= 0.8, < 2)
      dry-configurable (>= 0.13, < 2)
      jwt (~> 2.1)
      warden (~> 1.2)
    webmock (3.23.1)
      addressable (>= 2.8.0)
      crack (>= 0.3.2)
      hashdiff (>= 0.4.0, < 2.0.0)
    webrick (1.8.1)
    websocket-driver (0.7.6)
      websocket-extensions (>= 0.1.0)
    websocket-extensions (0.1.5)
    zeitwerk (2.6.16)

PLATFORMS
  x86_64-darwin-19
  x86_64-darwin-23
  x86_64-linux

DEPENDENCIES
  annotate
  bootsnap
  database_cleaner-active_record
  debug
  devise
  devise-jwt
  error_highlight (>= 0.4.0)
  factory_bot_rails
  graphql
  httparty
  net-pop!
  pg (~> 1.1)
  puma (>= 5.0)
  rack-cors
  rails (~> 7.1.3, >= 7.1.3.4)
  rspec-rails
  shoulda-matchers
  sidekiq
  sidekiq-cron
  tzinfo-data
  webmock

RUBY VERSION
   ruby 3.3.3p89

BUNDLED WITH
   2.5.14
